PATH
  remote: .
  specs:
    babylonia (0.0.1)
      i18n (>= 0.5.0)

GEM
  remote: http://rubygems.org/
  specs:
    diff-lcs (1.2.5)
    i18n (0.6.5)
    rspec (2.14.1)
      rspec-core (~> 2.14.0)
      rspec-expectations (~> 2.14.0)
      rspec-mocks (~> 2.14.0)
    rspec-core (2.14.7)
    rspec-expectations (2.14.4)
      diff-lcs (>= 1.1.3, < 2.0)
    rspec-mocks (2.14.4)
    yard (0.8.7.3)

PLATFORMS
  ruby

DEPENDENCIES
  babylonia!
  bundler (>= 1.0.0)
  rspec
  yard (>= 0.7.4)
